GEM
  remote: http://rubygems.org/
  specs:
    ncurses-ruby (1.2.4)

PLATFORMS
  ruby

DEPENDENCIES
  ncurses-ruby

BUNDLED WITH
   1.12.5
